GEM
  remote: https://rubygems.org/
  specs:
    actioncable (6.0.0.beta1)
      actionpack (= 6.0.0.beta1)
      nio4r (~> 2.0)
      websocket-driver (>= 0.6.1)
    actionmailbox (6.0.0.beta1)
      actionpack (= 6.0.0.beta1)
      activejob (= 6.0.0.beta1)
      activerecord (= 6.0.0.beta1)
      activestorage (= 6.0.0.beta1)
      activesupport (= 6.0.0.beta1)
      mail (>= 2.7.1)
    actionmailer (6.0.0.beta1)
      actionpack (= 6.0.0.beta1)
      actionview (= 6.0.0.beta1)
      activejob (= 6.0.0.beta1)
      mail (~> 2.5, >= 2.5.4)
      rails-dom-testing (~> 2.0)
    actionpack (6.0.0.beta1)
      actionview (= 6.0.0.beta1)
      activesupport (= 6.0.0.beta1)
      rack (~> 2.0)
      rack-test (>= 0.6.3)
      rails-dom-testing (~> 2.0)
      rails-html-sanitizer (~> 1.0, >= 1.0.2)
    actiontext (6.0.0.beta1)
      actionpack (= 6.0.0.beta1)
      activerecord (= 6.0.0.beta1)
      activestorage (= 6.0.0.beta1)
      activesupport (= 6.0.0.beta1)
      nokogiri (>= 1.8.5)
    actionview (6.0.0.beta1)
      activesupport (= 6.0.0.beta1)
      builder (~> 3.1)
      erubi (~> 1.4)
      rails-dom-testing (~> 2.0)
      rails-html-sanitizer (~> 1.0, >= 1.0.3)
    activejob (6.0.0.beta1)
      activesupport (= 6.0.0.beta1)
      globalid (>= 0.3.6)
    activemodel (6.0.0.beta1)
      activesupport (= 6.0.0.beta1)
    activerecord (6.0.0.beta1)
      activemodel (= 6.0.0.beta1)
      activesupport (= 6.0.0.beta1)
    activestorage (6.0.0.beta1)
      actionpack (= 6.0.0.beta1)
      activerecord (= 6.0.0.beta1)
      marcel (~> 0.3.1)
    activesupport (6.0.0.beta1)
      concurrent-ruby (~> 1.0, >= 1.0.2)
      i18n (>= 0.7, < 2)
      minitest (~> 5.1)
      tzinfo (~> 1.1)
    addressable (2.6.0)
      public_suffix (>= 2.0.2, < 4.0)
    autoprefixer-rails (9.4.7)
      execjs
    awesome_print (1.8.0)
    babel-source (5.8.35)
    babel-transpiler (0.7.0)
      babel-source (>= 4.0, < 6)
      execjs (~> 2.0)
    bcrypt (3.1.12)
    bindex (0.5.0)
    bitters (1.8.0)
      bourbon (~> 5.0)
      sass (~> 3.4)
      thor (~> 0.19)
    bourbon (5.1.0)
      sass (~> 3.4)
      thor (~> 0.19)
    builder (3.2.3)
    bundler-audit (0.6.1)
      bundler (>= 1.2.0, < 3)
      thor (~> 0.18)
    byebug (10.0.2)
    capybara (3.13.2)
      addressable
      mini_mime (>= 0.1.3)
      nokogiri (~> 1.8)
      rack (>= 1.6.0)
      rack-test (>= 0.6.3)
      regexp_parser (~> 1.2)
      xpath (~> 3.2)
    capybara-webkit (1.15.1)
      capybara (>= 2.3, < 4.0)
      json
    coderay (1.1.2)
    concurrent-ruby (1.1.4)
    connection_pool (2.2.2)
    crack (0.4.3)
      safe_yaml (~> 1.0.0)
    crass (1.0.4)
    diff-lcs (1.3)
    docile (1.3.1)
    dotenv (2.6.0)
    dotenv-rails (2.6.0)
      dotenv (= 2.6.0)
      railties (>= 3.2, < 6.0)
    erubi (1.8.0)
    execjs (2.7.0)
    factory_bot (5.0.0)
      activesupport (>= 4.2.0)
    factory_bot_rails (5.0.0)
      factory_bot (~> 5.0.0)
      railties (>= 4.2.0)
    ffi (1.9.25)
    flutie (2.1.0)
    formulaic (0.4.1)
      activesupport
      capybara
      i18n
    globalid (0.4.2)
      activesupport (>= 4.2.0)
    hashdiff (0.3.8)
    high_voltage (3.1.0)
    i18n (1.5.3)
      concurrent-ruby (~> 1.0)
    jquery-rails (4.3.3)
      rails-dom-testing (>= 1, < 3)
      railties (>= 4.2.0)
      thor (>= 0.14, < 2.0)
    json (2.1.0)
    listen (3.1.5)
      rb-fsevent (~> 0.9, >= 0.9.4)
      rb-inotify (~> 0.9, >= 0.9.7)
      ruby_dep (~> 1.2)
    loofah (2.2.3)
      crass (~> 1.0.2)
      nokogiri (>= 1.5.9)
    mail (2.7.1)
      mini_mime (>= 0.1.1)
    marcel (0.3.3)
      mimemagic (~> 0.3.2)
    method_source (0.9.2)
    mimemagic (0.3.3)
    mini_mime (1.0.1)
    mini_portile2 (2.4.0)
    minitest (5.11.3)
    neat (3.0.1)
      sass (~> 3.4)
      thor (~> 0.19)
    nio4r (2.3.1)
    nokogiri (1.10.1)
      mini_portile2 (~> 2.4.0)
    normalize-rails (4.1.1)
    oath (1.1.0)
      bcrypt
      rails
      warden
    oath-generators (1.0.1)
      oath (>= 0.0.12)
    pg (0.21.0)
    pry (0.12.2)
      coderay (~> 1.1.0)
      method_source (~> 0.9.0)
    pry-byebug (3.6.0)
      byebug (~> 10.0)
      pry (~> 0.10)
    pry-rails (0.3.9)
      pry (>= 0.10.4)
    public_suffix (3.0.3)
    puma (3.12.0)
    rack (2.0.6)
    rack-attack (5.4.2)
      rack (>= 1.0, < 3)
    rack-canonical-host (0.2.3)
      addressable (> 0, < 3)
      rack (>= 1.0.0, < 3)
    rack-mini-profiler (1.0.2)
      rack (>= 1.2.0)
    rack-protection (2.0.5)
      rack
    rack-test (1.1.0)
      rack (>= 1.0, < 3)
    rack-timeout (0.5.1)
    rails (6.0.0.beta1)
      actioncable (= 6.0.0.beta1)
      actionmailbox (= 6.0.0.beta1)
      actionmailer (= 6.0.0.beta1)
      actionpack (= 6.0.0.beta1)
      actiontext (= 6.0.0.beta1)
      actionview (= 6.0.0.beta1)
      activejob (= 6.0.0.beta1)
      activemodel (= 6.0.0.beta1)
      activerecord (= 6.0.0.beta1)
      activestorage (= 6.0.0.beta1)
      activesupport (= 6.0.0.beta1)
      bundler (>= 1.3.0)
      railties (= 6.0.0.beta1)
      sprockets-rails (>= 2.0.0)
    rails-dom-testing (2.0.3)
      activesupport (>= 4.2.0)
      nokogiri (>= 1.6)
    rails-html-sanitizer (1.0.4)
      loofah (~> 2.2, >= 2.2.2)
    rails_stdout_logging (0.0.5)
    railties (6.0.0.beta1)
      actionpack (= 6.0.0.beta1)
      activesupport (= 6.0.0.beta1)
      method_source
      rake (>= 0.8.7)
      thor (>= 0.20.3, < 2.0)
    rake (12.3.2)
    rb-fsevent (0.10.3)
    rb-inotify (0.10.0)
      ffi (~> 1.0)
    recipient_interceptor (0.2.0)
      mail
    redis (4.1.0)
    refills (0.2.0)
    regexp_parser (1.3.0)
    rspec-core (3.8.0)
      rspec-support (~> 3.8.0)
    rspec-expectations (3.8.2)
      diff-lcs (>= 1.2.0, < 2.0)
      rspec-support (~> 3.8.0)
    rspec-mocks (3.8.0)
      diff-lcs (>= 1.2.0, < 2.0)
      rspec-support (~> 3.8.0)
    rspec-rails (3.8.2)
      actionpack (>= 3.0)
      activesupport (>= 3.0)
      railties (>= 3.0)
      rspec-core (~> 3.8.0)
      rspec-expectations (~> 3.8.0)
      rspec-mocks (~> 3.8.0)
      rspec-support (~> 3.8.0)
    rspec-support (3.8.0)
    ruby_dep (1.5.0)
    safe_yaml (1.0.4)
    sass (3.7.3)
      sass-listen (~> 4.0.0)
    sass-listen (4.0.0)
      rb-fsevent (~> 0.9, >= 0.9.4)
      rb-inotify (~> 0.9, >= 0.9.7)
    sassc (2.0.0)
      ffi (~> 1.9.6)
      rake
    sassc-rails (2.1.0)
      railties (>= 4.0.0)
      sassc (>= 2.0)
      sprockets (> 3.0)
      sprockets-rails
      tilt
    shoulda-matchers (3.1.3)
      activesupport (>= 4.0.0)
    sidekiq (5.2.5)
      connection_pool (~> 2.2, >= 2.2.2)
      rack (>= 1.5.0)
      rack-protection (>= 1.5.0)
      redis (>= 3.3.5, < 5)
    simple_form (4.1.0)
      actionpack (>= 5.0)
      activemodel (>= 5.0)
    simplecov (0.16.1)
      docile (~> 1.1)
      json (>= 1.8, < 3)
      simplecov-html (~> 0.10.0)
    simplecov-html (0.10.2)
    spring (2.0.2)
      activesupport (>= 4.2)
    spring-commands-rspec (1.0.4)
      spring (>= 0.9.1)
    sprockets (4.0.0.beta8)
      concurrent-ruby (~> 1.0)
      rack (> 1, < 3)
    sprockets-es6 (0.9.2)
      babel-source (>= 5.8.11)
      babel-transpiler
      sprockets (>= 3.0.0)
    sprockets-rails (3.2.1)
      actionpack (>= 4.0)
      activesupport (>= 4.0)
      sprockets (>= 3.0.0)
    suspenders (0.2.4)
      bundler (>= 1.0.7)
      rails (>= 3.0.3)
      trout (>= 0.3.0)
    thor (0.20.3)
    thread_safe (0.3.6)
    tilt (2.0.9)
    timecop (0.9.1)
    title (0.0.7)
      i18n
      rails (>= 3.1)
    trout (0.3)
    tzinfo (1.2.5)
      thread_safe (~> 0.1)
    uglifier (4.1.20)
      execjs (>= 0.3.0, < 3)
    warden (1.2.8)
      rack (>= 2.0.6)
    web-console (3.7.0)
      actionview (>= 5.0)
      activemodel (>= 5.0)
      bindex (>= 0.4.0)
      railties (>= 5.0)
    webmock (3.5.1)
      addressable (>= 2.3.6)
      crack (>= 0.3.2)
      hashdiff
    websocket-driver (0.7.0)
      websocket-extensions (>= 0.1.0)
    websocket-extensions (0.1.3)
    xpath (3.2.0)
      nokogiri (~> 1.8)

PLATFORMS
  ruby

DEPENDENCIES
  autoprefixer-rails
  awesome_print
  bcrypt
  bitters
  bourbon (= 5.1.0)
  bundler-audit (>= 0.5.0)
  capybara-webkit
  dotenv-rails
  factory_bot_rails
  flutie
  formulaic
  high_voltage
  jquery-rails
  listen
  neat
  normalize-rails
  oath
  oath-generators
  pg (~> 0.21)
  pry-byebug
  pry-rails
  puma
  rack-attack
  rack-canonical-host
  rack-mini-profiler
  rack-timeout
  rails (~> 6.0.0.beta1)
  rails_stdout_logging
  recipient_interceptor
  redis
  refills
  rspec-rails (~> 3.8)
  sassc-rails
  shoulda-matchers
  sidekiq
  simple_form
  simplecov
  spring
  spring-commands-rspec
  sprockets (~> 4.0.0.beta8)
  sprockets-es6
  suspenders
  timecop
  title
  uglifier
  web-console
  webmock

RUBY VERSION
   ruby 2.6.1p33

BUNDLED WITH
   1.17.2
